GIT
  remote: https://github.com/documentcloud/jammit.git
  revision: 2bcbdffcd9489e50c30fa8c2fde27b8199315a41
  specs:
    jammit (0.6.5)
      yui-compressor (>= 0.9.3)

GEM
  remote: http://rubygems.org/
  specs:
    POpen4 (0.1.4)
      Platform (>= 0.4.0)
      open4
    Platform (0.4.0)
    addressable (2.2.7)
    adsf (1.0.1)
      rack (>= 1.0.0)
    capistrano (2.11.2)
      highline
      net-scp (>= 1.0.0)
      net-sftp (>= 2.0.0)
      net-ssh (>= 2.0.14)
      net-ssh-gateway (>= 1.1.0)
    capistrano-ext (1.2.1)
      capistrano (>= 1.0.0)
    chunky_png (1.2.5)
    coffee-script (2.2.0)
      coffee-script-source
      execjs
    coffee-script-source (1.2.0)
    compass (0.11.7)
      chunky_png (~> 1.2)
      fssm (>= 0.2.7)
      sass (~> 3.1)
    diff-lcs (1.1.3)
    em-dir-watcher (0.9.4)
    em-websocket (0.3.6)
      addressable (>= 2.1.1)
      eventmachine (>= 0.12.9)
    eventmachine (0.12.10)
    execjs (1.3.0)
      multi_json (~> 1.0)
    ffi (1.0.11)
    flowdock (0.1.11)
      httparty (~> 0.7)
    fssm (0.2.8.1)
    grit (2.4.1)
      diff-lcs (~> 1.1)
      mime-types (~> 1.15)
    growl_notify (0.0.3)
      rb-appscript
    guard (1.0.0)
      ffi (>= 0.5.0)
      thor (~> 0.14.6)
    guard-bundler (0.1.3)
      bundler (>= 1.0.0)
      guard (>= 0.2.2)
    guard-coffeescript (0.5.4)
      coffee-script (>= 2.2.0)
      guard (>= 0.8.3)
    guard-compass (0.0.6)
      compass (>= 0.10.5)
      guard (>= 0.2.1)
    guard-haml (0.3.2)
      guard (>= 0.4)
      haml (>= 3.0)
    guard-jammit (0.3.0)
      guard (>= 0.8.3)
      jammit
    guard-livereload (0.4.0)
      em-websocket (>= 0.2.0)
      guard (>= 0.10.0)
      multi_json (~> 1.0.3)
    haml (3.1.4)
    highline (1.6.11)
    hpricot (0.8.6)
    httparty (0.8.1)
      multi_json
      multi_xml
    json (1.6.5)
    livereload (1.6.1)
      em-dir-watcher (>= 0.1)
      em-websocket (>= 0.3.5)
      json (>= 1.5.3)
    mime-types (1.18)
    multi_json (1.0.4)
    multi_xml (0.4.2)
    net-scp (1.0.4)
      net-ssh (>= 1.99.1)
    net-sftp (2.0.5)
      net-ssh (>= 2.0.9)
    net-ssh (2.3.0)
    net-ssh-gateway (1.1.0)
      net-ssh (>= 1.99.1)
    oily_png (1.0.2)
      chunky_png (~> 1.2.1)
    open4 (1.3.0)
    rack (1.4.1)
    rack-livereload (0.3.6)
      rack
    rb-appscript (0.6.1)
    rb-fsevent (0.9.0)
    sass (3.1.15)
    thor (0.14.6)
    uglifier (1.2.3)
      execjs (>= 0.3.0)
      multi_json (>= 1.0.2)
    yajl-ruby (1.4.3)
    yui-compressor (0.9.6)
      POpen4 (>= 0.1.4)

PLATFORMS
  ruby

DEPENDENCIES
  adsf
  capistrano
  capistrano-ext
  compass
  flowdock (~> 0.1.10)
  grit
  growl_notify
  guard
  guard-bundler
  guard-coffeescript
  guard-compass
  guard-haml
  guard-jammit
  guard-livereload
  haml
  hpricot
  jammit!
  livereload
  oily_png
  rack-livereload
  rb-fsevent
  uglifier
  yajl-ruby
